GEM
  remote: https://rubygems.org/
  specs:
    rack (1.6.13)
    rack-protection (1.5.5)
      rack
    ruby (0.1.0)
    sinatra (1.4.8)
      rack (~> 1.5)
      rack-protection (~> 1.4)
      tilt (>= 1.3, < 3)
    tilt (2.0.10)
    webrick (1.7.0)

PLATFORMS
  arm64-darwin-20
  x64-mingw32

DEPENDENCIES
  ruby
  sinatra (~> 1.4, >= 1.4.7)
  webrick (~> 1.3, >= 1.3.1)

BUNDLED WITH
   2.2.28
